GIT
  remote: https://github.com/stellar/ruby-stellar-sdk.git
  revision: 851e0b013c4e4263f04131216f6d2cf54627f434
  specs:
    stellar-sdk (0.3.0)
      activesupport (>= 4.2.7)
      contracts (~> 0.7)
      excon (~> 0.44.4)
      hyperclient (~> 0.7.0)
      stellar-base (~> 0.13.0)
      toml-rb (~> 1.1.1)

GEM
  remote: https://rubygems.org/
  specs:
    actioncable (5.1.5)
      actionpack (= 5.1.5)
      nio4r (~> 2.0)
      websocket-driver (~> 0.6.1)
    actionmailer (5.1.5)
      actionpack (= 5.1.5)
      actionview (= 5.1.5)
      activejob (= 5.1.5)
      mail (~> 2.5, >= 2.5.4)
      rails-dom-testing (~> 2.0)
    actionpack (5.1.5)
      actionview (= 5.1.5)
      activesupport (= 5.1.5)
      rack (~> 2.0)
      rack-test (>= 0.6.3)
      rails-dom-testing (~> 2.0)
      rails-html-sanitizer (~> 1.0, >= 1.0.2)
    actionview (5.1.5)
      activesupport (= 5.1.5)
      builder (~> 3.1)
      erubi (~> 1.4)
      rails-dom-testing (~> 2.0)
      rails-html-sanitizer (~> 1.0, >= 1.0.3)
    activejob (5.1.5)
      activesupport (= 5.1.5)
      globalid (>= 0.3.6)
    activemodel (5.1.5)
      activesupport (= 5.1.5)
    activerecord (5.1.5)
      activemodel (= 5.1.5)
      activesupport (= 5.1.5)
      arel (~> 8.0)
    activesupport (5.1.5)
      concurrent-ruby (~> 1.0, >= 1.0.2)
      i18n (~> 0.7)
      minitest (~> 5.1)
      tzinfo (~> 1.1)
    arel (8.0.0)
    awesome_print (1.8.0)
    axiom-types (0.1.1)
      descendants_tracker (~> 0.0.4)
      ice_nine (~> 0.11.0)
      thread_safe (~> 0.3, >= 0.3.1)
    base32 (0.3.2)
    bigdecimal (1.3.4)
    builder (3.2.3)
    byebug (10.0.0)
    citrus (3.0.2)
    coderay (1.1.2)
    coercible (1.0.0)
      descendants_tracker (~> 0.0.1)
    concurrent-ruby (1.0.5)
    contracts (0.16.0)
    crass (1.0.3)
    descendants_tracker (0.0.4)
      thread_safe (~> 0.3, >= 0.3.1)
    diff-lcs (1.3)
    digest-crc (0.4.1)
    dry-initializer (2.4.0)
    equalizer (0.0.11)
    erubi (1.7.0)
    excon (0.44.4)
    faraday (0.14.0)
      multipart-post (>= 1.2, < 3)
    faraday-digestauth (0.2.1)
      faraday (~> 0.7)
      net-http-digest_auth (~> 1.4)
    faraday_hal_middleware (0.1.0)
      faraday_middleware (~> 0.9)
    faraday_middleware (0.12.2)
      faraday (>= 0.7.4, < 1.0)
    ffi (1.9.23)
    futuroscope (0.1.11)
    globalid (0.4.1)
      activesupport (>= 4.2.0)
    hirb (0.7.3)
    httpclient (2.8.3)
    hyperclient (0.7.2)
      faraday
      faraday-digestauth
      faraday_hal_middleware
      faraday_middleware
      futuroscope
      net-http-digest_auth
      uri_template
    i18n (0.9.5)
      concurrent-ruby (~> 1.0)
    ice_nine (0.11.2)
    light-service (0.9.0)
      activesupport (>= 3.0)
    listen (3.1.5)
      rb-fsevent (~> 0.9, >= 0.9.4)
      rb-inotify (~> 0.9, >= 0.9.7)
      ruby_dep (~> 1.2)
    loofah (2.2.0)
      crass (~> 1.0.2)
      nokogiri (>= 1.5.9)
    mail (2.7.0)
      mini_mime (>= 0.1.1)
    method_source (0.9.0)
    mini_mime (1.0.0)
    mini_portile2 (2.3.0)
    minitest (5.11.3)
    multipart-post (2.0.0)
    net-http-digest_auth (1.4.1)
    nio4r (2.2.0)
    nokogiri (1.8.2)
      mini_portile2 (~> 2.3.0)
    openssl (2.1.0)
    pg (1.0.0)
    pry (0.11.3)
      coderay (~> 1.1.0)
      method_source (~> 0.9.0)
    pry-byebug (3.6.0)
      byebug (~> 10.0)
      pry (~> 0.10)
    pry-doc (0.13.1)
      pry (~> 0.11)
      yard (~> 0.9.11)
    pry-docmore (0.1.1)
      pry
      pry-doc
    pry-rails (0.3.6)
      pry (>= 0.10.4)
    puma (3.11.2)
    rack (2.0.4)
    rack-test (0.8.3)
      rack (>= 1.0, < 3)
    rails (5.1.5)
      actioncable (= 5.1.5)
      actionmailer (= 5.1.5)
      actionpack (= 5.1.5)
      actionview (= 5.1.5)
      activejob (= 5.1.5)
      activemodel (= 5.1.5)
      activerecord (= 5.1.5)
      activesupport (= 5.1.5)
      bundler (>= 1.3.0)
      railties (= 5.1.5)
      sprockets-rails (>= 2.0.0)
    rails-dom-testing (2.0.3)
      activesupport (>= 4.2.0)
      nokogiri (>= 1.6)
    rails-html-sanitizer (1.0.3)
      loofah (~> 2.0)
    railties (5.1.5)
      actionpack (= 5.1.5)
      activesupport (= 5.1.5)
      method_source
      rake (>= 0.8.7)
      thor (>= 0.18.1, < 2.0)
    rake (12.3.0)
    rb-fsevent (0.10.2)
    rb-inotify (0.9.10)
      ffi (>= 0.5.0, < 2)
    rbnacl (5.0.0)
      ffi
    rbnacl-libsodium (1.0.16)
      rbnacl (>= 3.0.1)
    redis (4.0.1)
    redis-actionpack (5.0.2)
      actionpack (>= 4.0, < 6)
      redis-rack (>= 1, < 3)
      redis-store (>= 1.1.0, < 2)
    redis-activesupport (5.0.4)
      activesupport (>= 3, < 6)
      redis-store (>= 1.3, < 2)
    redis-rack (2.0.4)
      rack (>= 1.5, < 3)
      redis-store (>= 1.2, < 2)
    redis-rails (5.0.2)
      redis-actionpack (>= 5.0, < 6)
      redis-activesupport (>= 5.0, < 6)
      redis-store (>= 1.2, < 2)
    redis-store (1.4.1)
      redis (>= 2.2, < 5)
    rspec-core (3.7.1)
      rspec-support (~> 3.7.0)
    rspec-expectations (3.7.0)
      diff-lcs (>= 1.2.0, < 2.0)
      rspec-support (~> 3.7.0)
    rspec-its (1.2.0)
      rspec-core (>= 3.0.0)
      rspec-expectations (>= 3.0.0)
    rspec-mocks (3.7.0)
      diff-lcs (>= 1.2.0, < 2.0)
      rspec-support (~> 3.7.0)
    rspec-rails (3.7.2)
      actionpack (>= 3.0)
      activesupport (>= 3.0)
      railties (>= 3.0)
      rspec-core (~> 3.7.0)
      rspec-expectations (~> 3.7.0)
      rspec-mocks (~> 3.7.0)
      rspec-support (~> 3.7.0)
    rspec-support (3.7.1)
    ruby_dep (1.5.0)
    spring (2.0.2)
      activesupport (>= 4.2)
    spring-commands-rspec (1.0.4)
      spring (>= 0.9.1)
    spring-watcher-listen (2.0.1)
      listen (>= 2.7, < 4.0)
      spring (>= 1.2, < 3.0)
    sprockets (3.7.1)
      concurrent-ruby (~> 1.0)
      rack (> 1, < 3)
    sprockets-rails (3.2.1)
      actionpack (>= 4.0)
      activesupport (>= 4.0)
      sprockets (>= 3.0.0)
    stellar-base (0.13.0)
      activesupport (>= 4.2.7)
      base32
      digest-crc
      rbnacl
      rbnacl-libsodium (~> 1.0.3)
      xdr (~> 2.0.0)
    sucker_punch (2.0.4)
      concurrent-ruby (~> 1.0.0)
    telegram-bot (0.13.0)
      actionpack (>= 4.0, < 6.0)
      activesupport (>= 4.0, < 6.0)
      httpclient (~> 2.7)
    telegram-bot-types (0.5.0)
      activesupport
      virtus (~> 1.0)
    thor (0.20.0)
    thread_safe (0.3.6)
    toml-rb (1.1.1)
      citrus (~> 3.0, > 3.0)
    tzinfo (1.2.5)
      thread_safe (~> 0.1)
    uri_template (0.7.0)
    virtus (1.0.5)
      axiom-types (~> 0.1)
      coercible (~> 1.0)
      descendants_tracker (~> 0.0, >= 0.0.3)
      equalizer (~> 0.0, >= 0.0.9)
    websocket-driver (0.6.5)
      websocket-extensions (>= 0.1.0)
    websocket-extensions (0.1.3)
    xdr (2.0.0)
      activemodel (>= 4.2.7)
      activesupport (>= 4.2.7)
    yard (0.9.12)

PLATFORMS
  ruby

DEPENDENCIES
  awesome_print
  bigdecimal
  dry-initializer (~> 2.4)
  hirb
  light-service
  listen (>= 3.0.5, < 3.2)
  openssl
  pg (~> 1.0)
  pry
  pry-byebug
  pry-docmore
  pry-rails
  puma (~> 3.7)
  rails (~> 5.1.4)
  redis-rails (~> 5.0)
  rspec-its
  rspec-rails
  spring
  spring-commands-rspec
  spring-watcher-listen (~> 2.0.0)
  stellar-sdk!
  sucker_punch (~> 2.0)
  telegram-bot (~> 0.13)
  telegram-bot-types (~> 0.5)

RUBY VERSION
   ruby 2.4.2p198

BUNDLED WITH
   1.16.1
